GEM
  remote: https://rubygems.org/
  specs:
    i18n (0.6.1)
    mail (2.4.4)
      i18n (>= 0.4.0)
      mime-types (~> 1.16)
      treetop (~> 1.4.8)
    mime-types (1.19)
    polyglot (0.3.3)
    treetop (1.4.11)
      polyglot
      polyglot (>= 0.3.1)

PLATFORMS
  ruby

DEPENDENCIES
  mail (= 2.4.4)

BUNDLED WITH
   1.13.5
